GEM
  remote: http://rubygems.org/
  specs:
    activerecord (2.3.10)
      activesupport (= 2.3.10)
    activesupport (2.3.10)
    autotest (4.4.4)
    diff-lcs (1.1.2)
    pg (0.9.0)
    rspec (2.1.0)
      rspec-core (~> 2.1.0)
      rspec-expectations (~> 2.1.0)
      rspec-mocks (~> 2.1.0)
    rspec-core (2.1.0)
    rspec-expectations (2.1.0)
      diff-lcs (~> 1.1.2)
    rspec-mocks (2.1.0)
    with_model (0.1)
      activerecord (>= 2.3.5, < 4.0.0)

PLATFORMS
  ruby

DEPENDENCIES
  activerecord (~> 2.3.5)
  autotest
  pg
  rspec
  with_model (= 0.1)
